GEM
  remote: https://rubygems.org/
  specs:
    geoutm (1.0.2)
    gruff (0.7.0)
      rmagick (~> 2.13, >= 2.13.4)
    mini_portile2 (2.3.0)
    nokogiri (1.8.1)
      mini_portile2 (~> 2.3.0)
    rmagick (2.16.0)

PLATFORMS
  ruby

DEPENDENCIES
  geoutm
  gruff
  nokogiri

BUNDLED WITH
   1.14.6
